GEM
  remote: https://rubygems.org/
  specs:
    docile (1.3.1)
    json (2.3.1)
    minitest (5.11.3)
    rack (2.0.6)
    rack-test (1.1.0)
      rack (>= 1.0, < 3)
    rake (12.3.1)
    simplecov (0.16.1)
      docile (~> 1.1)
      json (>= 1.8, < 3)
      simplecov-html (~> 0.10.0)
    simplecov-html (0.10.2)

PLATFORMS
  ruby

DEPENDENCIES
  minitest
  rack-test
  rake
  simplecov

RUBY VERSION
   ruby 2.5.3p105

BUNDLED WITH
   1.17.1
