GEM
  remote: https://rubygems.org/
  specs:
    codeclimate-test-reporter (1.0.3)
      simplecov
    docile (1.1.5)
    json (2.0.2)
    minitest (5.9.1)
    rack (2.0.1)
    rack-test (0.6.3)
      rack (>= 1.0)
    rake (11.3.0)
    simplecov (0.12.0)
      docile (~> 1.1.0)
      json (>= 1.8, < 3)
      simplecov-html (~> 0.10.0)
    simplecov-html (0.10.0)

PLATFORMS
  ruby

DEPENDENCIES
  codeclimate-test-reporter
  minitest
  rack-test
  rake
  simplecov

RUBY VERSION
   ruby 2.3.2p217

BUNDLED WITH
   1.13.6
