GEM
  remote: https://rubygems.org/
  specs:
    docile (1.3.2)
    minitest (5.14.2)
    rack (2.2.3)
    rack-test (1.1.0)
      rack (>= 1.0, < 3)
    rake (13.0.1)
    simplecov (0.20.0)
      docile (~> 1.1)
      simplecov-html (~> 0.11)
      simplecov_json_formatter (~> 0.1)
    simplecov-html (0.12.3)
    simplecov_json_formatter (0.1.2)

PLATFORMS
  ruby

DEPENDENCIES
  minitest
  rack-test
  rake
  simplecov

RUBY VERSION
   ruby 2.7.2p137

BUNDLED WITH
   2.1.4
