GEM
  remote: https://rubygems.org/
  specs:
    docile (1.4.0)
    minitest (5.15.0)
    rack (2.2.6.4)
    rack-test (1.1.0)
      rack (>= 1.0, < 3)
    rake (13.0.6)
    simplecov (0.21.2)
      docile (~> 1.1)
      simplecov-html (~> 0.11)
      simplecov_json_formatter (~> 0.1)
    simplecov-html (0.12.3)
    simplecov_json_formatter (0.1.4)

PLATFORMS
  x86_64-darwin-21
  x86_64-linux

DEPENDENCIES
  minitest
  rack-test
  rake
  simplecov

RUBY VERSION
   ruby 3.1.2p20

BUNDLED WITH
   2.3.7
